PATH
  remote: .
  specs:
    wildcloud-websockets (0.0.1-java)
      hot_bunnies (= 1.3.4)
      httparty (= 0.8.1)
      json (= 1.6.5)
      multi_json (= 1.0.4)
      sinatra (= 1.3.2)

GEM
  remote: http://rubygems.org/
  specs:
    hot_bunnies (1.3.4-java)
    httparty (0.8.1)
      multi_json
      multi_xml
    json (1.6.5-java)
    multi_json (1.0.4)
    multi_xml (0.4.1)
    rack (1.4.1)
    rack-protection (1.2.0)
      rack
    sinatra (1.3.2)
      rack (~> 1.3, >= 1.3.6)
      rack-protection (~> 1.2)
      tilt (~> 1.3, >= 1.3.3)
    tilt (1.3.3)

PLATFORMS
  java

DEPENDENCIES
  wildcloud-websockets!
