PATH
  remote: .
  specs:
    wildcloud-websockets (0.0.1-java)
      hot_bunnies (= 1.3.4)
      multi_json (= 1.0.4)

GEM
  remote: http://rubygems.org/
  specs:
    hot_bunnies (1.3.4-java)
    multi_json (1.0.4)

PLATFORMS
  java

DEPENDENCIES
  wildcloud-websockets!
